GEM
  remote: https://rubygems.org/
  specs:
    redis (4.3.1)

PLATFORMS
  ruby

DEPENDENCIES
  redis

BUNDLED WITH
   2.2.23
